PATH
  remote: .
  specs:
    sha256_seal (0.1.5)

GEM
  remote: https://rubygems.org/
  specs:
    ast (2.4.0)
    aw (0.1.6)
    defi (1.1.5)
    docile (1.3.2)
    fix (0.18.2)
      aw (~> 0.1.6)
      defi (~> 1.1.5)
      spectus (~> 3.0.9)
    jaro_winkler (1.5.3)
    json (2.2.0)
    matchi (1.0.4)
    parallel (1.18.0)
    parser (2.6.5.0)
      ast (~> 2.4.0)
    rainbow (3.0.0)
    rake (13.0.0)
    rubocop (0.75.0)
      jaro_winkler (~> 1.5.1)
      parallel (~> 1.10)
      parser (>= 2.6)
      rainbow (>= 2.2.2, < 4.0)
      ruby-progressbar (~> 1.7)
      unicode-display_width (>= 1.4.0, < 1.7)
    ruby-progressbar (1.10.1)
    simplecov (0.17.1)
      docile (~> 1.1)
      json (>= 1.8, < 3)
      simplecov-html (~> 0.10.0)
    simplecov-html (0.10.2)
    spectus (3.0.9)
      aw (~> 0.1.6)
      defi (~> 1.1.5)
      matchi (~> 1.0.4)
    unicode-display_width (1.6.0)
    yard (0.9.20)

PLATFORMS
  ruby

DEPENDENCIES
  bundler (~> 2.0)
  fix (~> 0.18)
  rake (~> 13.0)
  rubocop (~> 0.75)
  sha256_seal!
  simplecov (~> 0.17)
  yard (~> 0.9)

BUNDLED WITH
   2.0.2
