PATH
  remote: .
  specs:
    sha256_seal (0.2.0)
      base64 (~> 0.2)
      openssl (~> 3.3)

GEM
  remote: https://rubygems.org/
  specs:
    base64 (0.2.0)
    defi (3.0.1)
    docile (1.4.1)
    expresenter (1.5.1)
    matchi (4.0.0)
    openssl (3.3.0)
    r_spec (1.0.7)
      r_spec-clone
    r_spec-clone (1.7.2)
      expresenter (~> 1.5.0)
      matchi (~> 4.0.0)
      test_tube (~> 4.0.0)
    rake (13.2.1)
    simplecov (0.22.0)
      docile (~> 1.1)
      simplecov-html (~> 0.11)
      simplecov_json_formatter (~> 0.1)
    simplecov-html (0.13.1)
    simplecov_json_formatter (0.1.4)
    test_tube (4.0.1)
      defi (~> 3.0.1)
    yard (0.9.37)

PLATFORMS
  ruby

DEPENDENCIES
  bundler
  r_spec
  rake
  sha256_seal!
  simplecov
  yard

BUNDLED WITH
   2.6.5
