PATH
  remote: .
  specs:
    sha256_seal (0.1.2)

GEM
  remote: https://rubygems.org/
  specs:
    ast (2.4.0)
    aw (0.1.1)
    defi (1.1.3)
    docile (1.3.1)
    fix (0.17.1)
      aw (~> 0.1.1)
      defi (~> 1.1.3)
      spectus (~> 3.0.6)
    jaro_winkler (1.5.1)
    json (2.1.0)
    matchi (1.0.2)
    parallel (1.12.1)
    parser (2.5.1.2)
      ast (~> 2.4.0)
    powerpack (0.1.2)
    rainbow (3.0.0)
    rake (12.3.0)
    rubocop (0.58.2)
      jaro_winkler (~> 1.5.1)
      parallel (~> 1.10)
      parser (>= 2.5, != 2.5.1.1)
      powerpack (~> 0.1)
      rainbow (>= 2.2.2, < 4.0)
      ruby-progressbar (~> 1.7)
      unicode-display_width (~> 1.0, >= 1.0.1)
    ruby-progressbar (1.10.0)
    simplecov (0.16.1)
      docile (~> 1.1)
      json (>= 1.8, < 3)
      simplecov-html (~> 0.10.0)
    simplecov-html (0.10.2)
    spectus (3.0.6)
      aw (~> 0.1.1)
      defi (~> 1.1.1)
      matchi (~> 1.0.2)
    unicode-display_width (1.4.0)
    yard (0.9.12)

PLATFORMS
  ruby

DEPENDENCIES
  bundler (~> 1.16)
  fix (~> 0.17)
  rake (~> 12.3)
  rubocop (~> 0.58)
  sha256_seal!
  simplecov (~> 0.16)
  yard (~> 0.9)

BUNDLED WITH
   1.16.1
